GEM
  remote: https://rubygems.org/
  specs:
    bump (0.8.0)
    diff-lcs (1.3)
    faraday (0.15.1)
      multipart-post (>= 1.2, < 3)
    faraday_middleware (0.12.2)
      faraday (>= 0.7.4, < 1.0)
    git (1.5.0)
    multipart-post (2.0.0)
    rspec (3.8.0)
      rspec-core (~> 3.8.0)
      rspec-expectations (~> 3.8.0)
      rspec-mocks (~> 3.8.0)
    rspec-core (3.8.0)
      rspec-support (~> 3.8.0)
    rspec-expectations (3.8.2)
      diff-lcs (>= 1.2.0, < 2.0)
      rspec-support (~> 3.8.0)
    rspec-mocks (3.8.0)
      diff-lcs (>= 1.2.0, < 2.0)
      rspec-support (~> 3.8.0)
    rspec-support (3.8.0)

PLATFORMS
  ruby

DEPENDENCIES
  bump (~> 0.8)
  faraday (~> 0.12)
  faraday_middleware (~> 0.12.2)
  git (~> 1.5)
  rspec (~> 3.8)

RUBY VERSION
   ruby 2.6.4p104

BUNDLED WITH
   1.17.3
