GEM
  remote: https://rubygems.org/
  specs:
    addressable (2.8.1)
      public_suffix (>= 2.0.2, < 6.0)
    bump (0.8.0)
    diff-lcs (1.3)
    faraday (0.15.1)
      multipart-post (>= 1.2, < 3)
    faraday_middleware (0.12.2)
      faraday (>= 0.7.4, < 1.0)
    git (1.13.0)
      addressable (~> 2.8)
      rchardet (~> 1.8)
    multipart-post (2.0.0)
    public_suffix (5.0.1)
    rake (12.3.3)
    rchardet (1.8.0)
    rspec (3.8.0)
      rspec-core (~> 3.8.0)
      rspec-expectations (~> 3.8.0)
      rspec-mocks (~> 3.8.0)
    rspec-core (3.8.0)
      rspec-support (~> 3.8.0)
    rspec-expectations (3.8.2)
      diff-lcs (>= 1.2.0, < 2.0)
      rspec-support (~> 3.8.0)
    rspec-mocks (3.8.0)
      diff-lcs (>= 1.2.0, < 2.0)
      rspec-support (~> 3.8.0)
    rspec-support (3.8.0)

PLATFORMS
  ruby

DEPENDENCIES
  bump (~> 0.8)
  faraday (~> 0.12)
  faraday_middleware (~> 0.12.2)
  git (~> 1.13)
  rake (~> 12.3.3)
  rspec (~> 3.8)

RUBY VERSION
   ruby 2.6.5p114

BUNDLED WITH
   1.17.3
